GEM
  remote: https://rubygems.org/
  specs:
    adsf (1.2.0)
      rack (>= 1.0.0)
    colored (1.2)
    cri (2.6.1)
      colored (~> 1.2)
    kramdown (1.5.0)
    nanoc (3.7.3)
      cri (~> 2.3)
    rack (1.5.2)
    rake (10.3.2)

PLATFORMS
  x86-mingw32

DEPENDENCIES
  adsf (= 1.2.0)
  kramdown (= 1.5.0)
  nanoc (= 3.7.3)
  rake (= 10.3.2)
